GEM
  remote: https://rubygems.org/
  specs:
    base64 (0.2.0)
    builder (2.1.2)
    coderay (1.1.1)
    coffee-script (2.4.1)
      coffee-script-source
      execjs
    coffee-script-source (1.12.2)
    concurrent-ruby (1.0.5)
    concurrent-ruby (1.0.5-java)
    edn (1.1.1)
    emk-sinatra-url-for (0.2.1)
      sinatra (>= 0.9.1.1)
    execjs (2.7.0)
    haml (5.0.4)
      temple (>= 0.8.0)
      tilt
    hamster (3.0.0)
      concurrent-ruby (~> 1.0)
    kramdown (2.3.1)
      rexml
    method_source (0.8.2)
    multi_json (1.15.0)
    murmurhash3 (0.1.6)
    murmurhash3 (0.1.6-java)
    mustermann (3.0.0)
      ruby2_keywords (~> 0.0.1)
    nio4r (2.5.7)
    nio4r (2.5.7-java)
    power_assert (1.0.2)
    pry (0.10.4)
      coderay (~> 1.1.0)
      method_source (~> 0.8.1)
      slop (~> 3.4)
    pry (0.10.4-java)
      coderay (~> 1.1.0)
      method_source (~> 0.8.1)
      slop (~> 3.4)
      spoon (~> 0.0)
    puma (4.3.8)
      nio4r (~> 2.0)
    puma (4.3.8-java)
      nio4r (~> 2.0)
    rack (3.0.9)
    rack-protection (4.0.0)
      base64 (>= 0.1.0)
      rack (>= 3.0.0, < 4)
    rack-session (2.0.0)
      rack (>= 3.0.0)
    rake (13.0.1)
    rexml (3.2.5)
    ruby2_keywords (0.0.5)
    sequel (4.48.0)
    sinatra (4.0.0)
      mustermann (~> 3.0)
      rack (>= 3.0.0, < 4)
      rack-protection (= 4.0.0)
      rack-session (>= 2.0.0, < 3)
      tilt (~> 2.0)
    sinatra-contrib (4.0.0)
      multi_json (>= 0.0.2)
      mustermann (~> 3.0)
      rack-protection (= 4.0.0)
      sinatra (= 4.0.0)
      tilt (~> 2.0)
    slop (3.6.0)
    spoon (0.0.1)
    sqlite3 (1.4.2)
    temple (0.8.2)
    test-unit (3.2.5)
      power_assert
    test-unit-runner-tap (1.1.2)
      test-unit
    tilt (2.3.0)
    unific (0.12)
    uuidtools (2.1.5)

PLATFORMS
  java
  ruby
  x64-mingw32

DEPENDENCIES
  builder (~> 2.0)
  coffee-script (= 2.4.1)
  concurrent-ruby (= 1.0.5)
  edn (= 1.1.1)
  emk-sinatra-url-for (= 0.2.1)
  haml (= 5.0.4)
  hamster (= 3.0.0)
  kramdown (= 2.3.1)
  murmurhash3 (= 0.1.6)
  pry (= 0.10.4)
  puma (= 4.3.8)
  rake (~> 13.0)
  sequel (= 4.48.0)
  sinatra (= 4.0.0)
  sinatra-contrib (= 4.0.0)
  sqlite3
  test-unit (= 3.2.5)
  test-unit-runner-tap (= 1.1.2)
  unific (= 0.12)
  uuidtools (= 2.1.5)

BUNDLED WITH
   2.1.4
