GEM
  remote: https://rubygems.org/
  specs:
    activesupport (5.2.1)
      concurrent-ruby (~> 1.0, >= 1.0.2)
      i18n (>= 0.7, < 2)
      minitest (~> 5.1)
      tzinfo (~> 1.1)
    backports (3.11.4)
    builder (2.1.2)
    coderay (1.1.1)
    coffee-script (2.4.1)
      coffee-script-source
      execjs
    coffee-script-source (1.12.2)
    concurrent-ruby (1.0.5)
    concurrent-ruby (1.0.5-java)
    edn (1.1.1)
    emk-sinatra-url-for (0.2.1)
      sinatra (>= 0.9.1.1)
    execjs (2.7.0)
    ffi (1.9.18-java)
    haml (5.0.1)
      temple (>= 0.8.0)
      tilt
    hamster (3.0.0)
      concurrent-ruby (~> 1.0)
    i18n (1.1.1)
      concurrent-ruby (~> 1.0)
    jdbc-sqlite3 (3.15.1)
    jruby-jars (9.1.12.0)
    jruby-rack (1.1.20)
    kramdown (1.14.0)
    method_source (0.8.2)
    minitest (5.11.3)
    multi_json (1.13.1)
    murmurhash3 (0.1.6)
    murmurhash3 (0.1.6-java)
    mustermann (1.0.3)
    power_assert (1.0.2)
    pry (0.10.4)
      coderay (~> 1.1.0)
      method_source (~> 0.8.1)
      slop (~> 3.4)
    pry (0.10.4-java)
      coderay (~> 1.1.0)
      method_source (~> 0.8.1)
      slop (~> 3.4)
      spoon (~> 0.0)
    puma (3.9.1)
    puma (3.9.1-java)
    rack (2.0.6)
    rack-protection (2.0.4)
      rack
    rake (12.0.0)
    rubyzip (1.3.0)
    sequel (4.48.0)
    sinatra (2.0.4)
      mustermann (~> 1.0)
      rack (~> 2.0)
      rack-protection (= 2.0.4)
      tilt (~> 2.0)
    sinatra-contrib (2.0.4)
      activesupport (>= 4.0.0)
      backports (>= 2.8.2)
      multi_json
      mustermann (~> 1.0)
      rack-protection (= 2.0.4)
      sinatra (= 2.0.4)
      tilt (>= 1.3, < 3)
    slop (3.6.0)
    spoon (0.0.6)
      ffi
    temple (0.8.0)
    test-unit (3.2.5)
      power_assert
    test-unit-runner-tap (1.1.2)
      test-unit
    thread_safe (0.3.6)
    thread_safe (0.3.6-java)
    tilt (2.0.8)
    tzinfo (1.2.5)
      thread_safe (~> 0.1)
    unific (0.12)
    uuidtools (2.1.5)
    warbler (2.0.4)
      jruby-jars (>= 9.0.0.0)
      jruby-rack (>= 1.1.1, < 1.3)
      rake (>= 10.1.0)
      rubyzip (~> 1.0, < 1.4)

PLATFORMS
  java
  ruby
  x64-mingw32

DEPENDENCIES
  builder (~> 2.0)
  coffee-script (= 2.4.1)
  concurrent-ruby (= 1.0.5)
  edn (= 1.1.1)
  emk-sinatra-url-for (= 0.2.1)
  haml (= 5.0.1)
  hamster (= 3.0.0)
  jdbc-sqlite3 (= 3.15.1)
  kramdown (= 1.14.0)
  murmurhash3 (= 0.1.6)
  pry (= 0.10.4)
  puma (= 3.9.1)
  rake (= 12.0.0)
  sequel (= 4.48.0)
  sinatra (~> 2.0.1)
  sinatra-contrib (~> 2.0.1)
  test-unit (= 3.2.5)
  test-unit-runner-tap (= 1.1.2)
  unific (= 0.12)
  uuidtools (= 2.1.5)
  warbler (= 2.0.4)

RUBY VERSION
   ruby 2.3.3p0 (jruby 9.1.12.0)

BUNDLED WITH
   2.1.4
